GIT
  remote: git://github.com/futuresimple/gaminator.git
  revision: 9eabacfbea37669dd94e9d5f7df293609b94d96b
  specs:
    gaminator (0.0.5)

GEM
  specs:
    coderay (1.0.8)
    method_source (0.8.1)
    pry (0.9.10)
      coderay (~> 1.0.5)
      method_source (~> 0.8)
      slop (~> 3.3.1)
    slop (3.3.2)

PLATFORMS
  ruby

DEPENDENCIES
  gaminator!
  pry
